GEM
  remote: https://rubygems.org/
  specs:
    bourbon (4.3.2)
      sass (~> 3.4)
      thor (~> 0.19)
    neat (2.0.0)
      sass (~> 3.4)
      thor (~> 0.19)
    sass (3.4.23)
    thor (0.19.4)

PLATFORMS
  ruby

DEPENDENCIES
  bourbon
  neat

BUNDLED WITH
   1.14.4
